GEM
  remote: https://rubygems.org/
  remote: http://rubygems.org/
  specs:
    actionmailer (2.3.5)
      actionpack (= 2.3.5)
    actionpack (2.3.5)
      activesupport (= 2.3.5)
      rack (~> 1.0.0)
    activerecord (2.3.5)
      activesupport (= 2.3.5)
    activeresource (2.3.5)
      activesupport (= 2.3.5)
    activesupport (2.3.5)
    i18n (0.4.0)
    pg (0.14.0)
    rack (1.0.1)
    rails (2.3.5)
      actionmailer (= 2.3.5)
      actionpack (= 2.3.5)
      activerecord (= 2.3.5)
      activeresource (= 2.3.5)
      activesupport (= 2.3.5)
      rake (>= 0.8.3)
    rake (0.9.2.2)
    test-unit (2.5.1)
    will_paginate (2.3.12)
    yard (0.8.2.1)

PLATFORMS
  ruby

DEPENDENCIES
  bundler
  i18n (= 0.4.0)
  pg
  rack (= 1.0.1)
  rails (~> 2.3.5)
  rake
  test-unit
  will_paginate (= 2.3.12)
  yard
